GEM
  remote: https://rubygems.org/
  specs:
    dotenv (2.2.1)
    encrypted_cookie (0.0.5)
      rack (>= 1.1, < 3)
    faraday (0.14.0)
      multipart-post (>= 1.2, < 3)
    json (2.1.0)
    multipart-post (2.0.0)
    mustermann (1.0.2)
    rack (2.0.4)
    rack-protection (2.0.1)
      rack
    sinatra (2.0.1)
      mustermann (~> 1.0)
      rack (~> 2.0)
      rack-protection (= 2.0.1)
      tilt (~> 2.0)
    stripe (3.11.0)
      faraday (~> 0.10)
    tilt (2.0.8)

PLATFORMS
  ruby

DEPENDENCIES
  dotenv (= 2.2.1)
  encrypted_cookie (= 0.0.5)
  json (= 2.1.0)
  sinatra (= 2.0.1)
  stripe (= 3.11.0)

RUBY VERSION
   ruby 2.5.0p0

BUNDLED WITH
   1.16.1
